GIT
  remote: git://github.com/cavneb/make_flaggable.git
  revision: 9819f5c75df76633bf365bcbbaf9716bd3f65c37
  specs:
    make_flaggable (0.1.1)
      activerecord (>= 3.0.0)

GIT
  remote: git://github.com/lightyear/sql-logging
  revision: 8d398e85561b1cb2be64c04e1c0aed20d1354593
  specs:
    sql-logging (3.0.8)
      rails (> 3.0.0)

GEM
  remote: https://rubygems.org/
  specs:
    actionmailer (3.2.17)
      actionpack (= 3.2.17)
      mail (~> 2.5.4)
    actionpack (3.2.17)
      activemodel (= 3.2.17)
      activesupport (= 3.2.17)
      builder (~> 3.0.0)
      erubis (~> 2.7.0)
      journey (~> 1.0.4)
      rack (~> 1.4.5)
      rack-cache (~> 1.2)
      rack-test (~> 0.6.1)
      sprockets (~> 2.2.1)
    activemodel (3.2.17)
      activesupport (= 3.2.17)
      builder (~> 3.0.0)
    activerecord (3.2.17)
      activemodel (= 3.2.17)
      activesupport (= 3.2.17)
      arel (~> 3.0.2)
      tzinfo (~> 0.3.29)
    activerecord-postgresql-adapter (0.0.1)
      pg
    activeresource (3.2.17)
      activemodel (= 3.2.17)
      activesupport (= 3.2.17)
    activesupport (3.2.17)
      i18n (~> 0.6, >= 0.6.4)
      multi_json (~> 1.0)
    acts-as-taggable-on (2.4.1)
      rails (>= 3, < 5)
    addressable (2.3.5)
    after_commit_action (0.1.3)
      activerecord (>= 3.0.0)
    arel (3.0.3)
    awesome_nested_fields (0.6.4)
      rails (>= 3.0.0)
    bcrypt-ruby (3.0.1)
    bcrypt-ruby (3.0.1-x86-mingw32)
    best_in_place (2.1.0)
      jquery-rails
      rails (~> 3.1)
    better_errors (1.0.1)
      coderay (>= 1.0.0)
      erubis (>= 2.6.6)
    bootstrap-sass (2.3.2.2)
      sass (~> 3.2)
    builder (3.0.4)
    bullet (4.7.1)
      activesupport
      uniform_notifier (>= 1.4.0)
    cancan (1.6.10)
    carrierwave (0.9.0)
      activemodel (>= 3.2.0)
      activesupport (>= 3.2.0)
      json (>= 1.7)
    client_side_validations (3.2.6)
    coderay (1.1.0)
    coffee-rails (3.2.2)
      coffee-script (>= 2.2.0)
      railties (~> 3.2.0)
    coffee-script (2.2.0)
      coffee-script-source
      execjs
    coffee-script-source (1.6.3)
    counter_culture (0.1.18)
      after_commit_action (~> 0.1.3)
    daemons (1.1.9)
    domain_name (0.5.15)
      unf (>= 0.0.5, < 1.0.0)
    erubis (2.7.0)
    eventmachine (1.0.3)
    eventmachine (1.0.3-x86-mingw32)
    excon (0.13.4)
    execjs (2.0.2)
    faraday (0.8.8)
      multipart-post (~> 1.2.0)
    fog (1.3.1)
      builder
      excon (~> 0.13.0)
      formatador (~> 0.2.0)
      mime-types
      multi_json (~> 1.0)
      net-scp (~> 1.0.4)
      net-ssh (>= 2.1.3)
      nokogiri (~> 1.5.0)
      ruby-hmac
    font-awesome-rails (3.2.1.3)
      railties (>= 3.2, < 5.0)
    formatador (0.2.4)
    haml (4.0.4)
      tilt
    hashie (2.0.5)
    hike (1.2.3)
    honeybadger (1.9.4)
      faraday (~> 0.7)
      json
    http-cookie (1.0.2)
      domain_name (~> 0.5)
    httpauth (0.2.0)
    i18n (0.6.9)
    journey (1.0.4)
    jquery-rails (3.0.4)
      railties (>= 3.0, < 5.0)
      thor (>= 0.14, < 2.0)
    jquery-ui-rails (3.0.1)
      jquery-rails
      railties (>= 3.1.0)
    json (1.8.1)
    jwt (0.1.8)
      multi_json (>= 1.5)
    kaminari (0.15.0)
      actionpack (>= 3.0.0)
      activesupport (>= 3.0.0)
    koala (1.6.0)
      addressable (~> 2.2)
      faraday (~> 0.8)
      multi_json (~> 1.3)
    mail (2.5.4)
      mime-types (~> 1.16)
      treetop (~> 1.4.8)
    mechanize (2.7.2)
      domain_name (~> 0.5, >= 0.5.1)
      http-cookie (~> 1.0.0)
      mime-types (~> 1.17, >= 1.17.2)
      net-http-digest_auth (~> 1.1, >= 1.1.1)
      net-http-persistent (~> 2.5, >= 2.5.2)
      nokogiri (~> 1.4)
      ntlm-http (~> 0.1, >= 0.1.1)
      webrobots (>= 0.0.9, < 0.2)
    mime-types (1.25.1)
    mini_magick (3.7.0)
      subexec (~> 0.2.1)
    multi_json (1.8.4)
    multipart-post (1.2.0)
    nested_form (0.3.2)
    net-http-digest_auth (1.4)
    net-http-persistent (2.9)
    net-scp (1.0.4)
      net-ssh (>= 1.99.1)
    net-ssh (2.7.0)
    newrelic_rpm (3.6.9.171)
    nokogiri (1.5.10)
    nokogiri (1.5.10-x86-mingw32)
    ntlm-http (0.1.1)
    oauth (0.4.7)
    oauth2 (0.8.1)
      faraday (~> 0.8)
      httpauth (~> 0.1)
      jwt (~> 0.1.4)
      multi_json (~> 1.0)
      rack (~> 1.2)
    omniauth (1.1.4)
      hashie (>= 1.2, < 3)
      rack
    omniauth-facebook (1.5.1)
      omniauth-oauth2 (~> 1.1.0)
    omniauth-linkedin (0.1.0)
      omniauth-oauth (~> 1.0)
    omniauth-oauth (1.0.1)
      oauth
      omniauth (~> 1.0)
    omniauth-oauth2 (1.1.1)
      oauth2 (~> 0.8.0)
      omniauth (~> 1.0)
    omniauth-twitter (1.0.1)
      multi_json (~> 1.3)
      omniauth-oauth (~> 1.0)
    pg (0.17.0)
    pg (0.17.0-x86-mingw32)
    polyglot (0.3.4)
    rack (1.4.5)
    rack-cache (1.2)
      rack (>= 0.4)
    rack-pjax (0.7.0)
      nokogiri (~> 1.5)
      rack (~> 1.3)
    rack-ssl (1.3.3)
      rack
    rack-test (0.6.2)
      rack (>= 1.0)
    rails (3.2.17)
      actionmailer (= 3.2.17)
      actionpack (= 3.2.17)
      activerecord (= 3.2.17)
      activeresource (= 3.2.17)
      activesupport (= 3.2.17)
      bundler (~> 1.0)
      railties (= 3.2.17)
    rails-asset-jqueryui (0.0.3)
      jquery-rails
    rails_admin (0.4.9)
      bootstrap-sass (~> 2.2)
      builder (~> 3.0)
      coffee-rails (>= 3.1, < 5)
      font-awesome-rails (~> 3.0)
      haml (~> 4.0)
      jquery-rails (>= 2.1, < 4)
      jquery-ui-rails (~> 3.0)
      kaminari (~> 0.14)
      nested_form (~> 0.3)
      rack-pjax (~> 0.6)
      rails (~> 3.1)
      remotipart (~> 1.0)
      safe_yaml (~> 0.6)
      sass-rails (~> 3.1)
    railties (3.2.17)
      actionpack (= 3.2.17)
      activesupport (= 3.2.17)
      rack-ssl (~> 1.3.2)
      rake (>= 0.8.7)
      rdoc (~> 3.4)
      thor (>= 0.14.6, < 2.0)
    rake (10.1.1)
    rdoc (3.12.2)
      json (~> 1.4)
    remotipart (1.2.1)
    ruby-hmac (0.4.0)
    safe_yaml (0.9.7)
    sass (3.2.12)
    sass-rails (3.2.6)
      railties (~> 3.2.0)
      sass (>= 3.1.10)
      tilt (~> 1.3)
    select2-rails (3.2.1)
      thor (~> 0.14)
    sprockets (2.2.2)
      hike (~> 1.2)
      multi_json (~> 1.0)
      rack (~> 1.0)
      tilt (~> 1.1, != 1.3.0)
    sqlite3 (1.3.8)
    sqlite3 (1.3.8-x86-mingw32)
    subexec (0.2.3)
    thin (1.6.1)
      daemons (>= 1.0.9)
      eventmachine (>= 1.0.0)
      rack (>= 1.0.0)
    thor (0.18.1)
    tilt (1.4.1)
    treetop (1.4.15)
      polyglot
      polyglot (>= 0.3.1)
    tzinfo (0.3.38)
    uglifier (2.3.2)
      execjs (>= 0.3.0)
      json (>= 1.8.0)
    unf (0.1.3)
      unf_ext
    unf_ext (0.0.6)
    unf_ext (0.0.6-x86-mingw32)
    uniform_notifier (1.4.0)
    webrobots (0.1.1)
    xmpp4r (0.5.5)
    xmpp4r_facebook (0.1.1)
      xmpp4r

PLATFORMS
  ruby
  x86-mingw32

DEPENDENCIES
  activerecord-postgresql-adapter
  acts-as-taggable-on
  awesome_nested_fields
  bcrypt-ruby (~> 3.0.0)
  best_in_place
  better_errors
  bootstrap-sass
  bullet
  cancan
  carrierwave
  client_side_validations
  coffee-rails (~> 3.2.1)
  counter_culture (~> 0.1.7)
  fog (~> 1.3.1)
  honeybadger
  jquery-rails
  koala
  make_flaggable!
  mechanize
  mini_magick
  newrelic_rpm
  omniauth-facebook
  omniauth-linkedin
  omniauth-twitter
  pg
  rails (= 3.2.17)
  rails-asset-jqueryui
  rails_admin (= 0.4.9)
  sass-rails (~> 3.2.3)
  select2-rails (~> 3.2.1)
  sql-logging!
  sqlite3
  thin
  uglifier (>= 1.0.3)
  xmpp4r_facebook
